GEM
  remote: https://rubygems.org/
  specs:
    kramdown (1.6.0)

PLATFORMS
  ruby

DEPENDENCIES
  kramdown
